PATH
  remote: .
  specs:
    note-transpose (0.1.1)

GEM
  remote: http://rubygems.org/
  specs:
    diff-lcs (1.4.4)
    io-console (0.5.6)
    irb (1.2.4)
      reline (>= 0.0.1)
    reline (0.1.4)
      io-console (~> 0.5)
    rspec (3.9.0)
      rspec-core (~> 3.9.0)
      rspec-expectations (~> 3.9.0)
      rspec-mocks (~> 3.9.0)
    rspec-core (3.9.2)
      rspec-support (~> 3.9.3)
    rspec-expectations (3.9.2)
      diff-lcs (>= 1.2.0, < 2.0)
      rspec-support (~> 3.9.0)
    rspec-mocks (3.9.1)
      diff-lcs (>= 1.2.0, < 2.0)
      rspec-support (~> 3.9.0)
    rspec-support (3.9.3)
    rubygems-tasks (0.2.5)
      irb (~> 1.0)
    yard (0.9.25)

PLATFORMS
  ruby

DEPENDENCIES
  note-transpose!
  rspec (~> 3.9.0)
  rubygems-tasks (~> 0.2.5)
  yard (~> 0.9.25)

BUNDLED WITH
   2.0.2
